GEM
  remote: https://rubygems.org/
  specs:
    activesupport (4.2.6)
      i18n (~> 0.7)
      json (~> 1.7, >= 1.7.7)
      minitest (~> 5.1)
      thread_safe (~> 0.3, >= 0.3.4)
      tzinfo (~> 1.1)
    addressable (2.3.8)
    cinch (2.3.1)
    cinch-identify (1.7.0)
      cinch (~> 2.0)
    discordrb (2.0.4)
      activesupport
      opus-ruby
      rbnacl
      rest-client
      websocket-client-simple (>= 0.3.0)
    domain_name (0.5.20160310)
      unf (>= 0.0.5, < 1.0.0)
    dotenv-heroku (0.0.1)
      rake
    event_emitter (0.2.5)
    excon (0.49.0)
    ffi (1.9.10)
    fuzzy_match (2.1.0)
    genius (0.1.1)
      httparty (~> 0.11.0)
    hashie (2.1.2)
    heroku-api (0.4.2)
      excon (~> 0.45)
      multi_json (~> 1.8)
    httmultiparty (0.3.16)
      httparty (>= 0.7.3)
      mimemagic
      multipart-post
    http-cookie (1.0.2)
      domain_name (~> 0.5)
    httparty (0.11.0)
      multi_json (~> 1.0)
      multi_xml (>= 0.5.2)
    i18n (0.7.0)
    json (1.8.3)
    mechanize (2.7.4)
      domain_name (~> 0.5, >= 0.5.1)
      http-cookie (~> 1.0)
      mime-types (>= 1.17.2, < 3)
      net-http-digest_auth (~> 1.1, >= 1.1.1)
      net-http-persistent (~> 2.5, >= 2.5.2)
      nokogiri (~> 1.6)
      ntlm-http (~> 0.1, >= 0.1.1)
      webrobots (>= 0.0.9, < 0.2)
    mime-types (1.25.1)
    mimemagic (0.3.1)
    mini_portile2 (2.0.0)
    minitest (5.8.4)
    multi_json (1.11.2)
    multi_xml (0.5.5)
    multipart-post (2.0.0)
    net-http-digest_auth (1.4)
    net-http-persistent (2.9.4)
    nokogiri (1.6.7.2)
      mini_portile2 (~> 2.0.0.rc2)
    ntlm-http (0.1.1)
    opus-ruby (1.0.1)
      ffi
    pg (0.18.4)
    rake (11.1.2)
    rbnacl (3.3.0)
      ffi
    rest-client (1.6.9)
      mime-types (~> 1.16)
    soundcloud (0.3.2)
      hashie (~> 2.0)
      httmultiparty (~> 0.3.0)
    thread_safe (0.3.5)
    tzinfo (1.2.2)
      thread_safe (~> 0.1)
    unf (0.1.4)
      unf_ext
    unf_ext (0.0.7.2)
    unidecoder (1.1.2)
    unirest (1.1.2)
      addressable (~> 2.3.5)
      json (~> 1.8.1)
      rest-client (~> 1.6.7)
    webrobots (0.1.2)
    websocket (1.2.3)
    websocket-client-simple (0.3.0)
      event_emitter
      websocket
    wolfram-alpha (0.3.1)
      nokogiri

PLATFORMS
  ruby

DEPENDENCIES
  cinch-identify
  discordrb
  dotenv-heroku
  fuzzy_match
  genius
  heroku-api
  httparty
  json
  mechanize
  nokogiri
  pg
  soundcloud
  unidecoder
  unirest
  wolfram-alpha

BUNDLED WITH
   1.11.2
